GEM
  remote: http://rubygems.org/
  specs:
    aws-sdk (2.9.14)
      aws-sdk-resources (= 2.9.14)
    aws-sdk-core (2.9.14)
      aws-sigv4 (~> 1.0)
      jmespath (~> 1.0)
    aws-sdk-resources (2.9.14)
      aws-sdk-core (= 2.9.14)
    aws-sigv4 (1.0.0)
    dotenv (2.2.1)
    jmespath (1.3.1)
    mini_portile2 (2.1.0)
    nokogiri (1.7.1)
      mini_portile2 (~> 2.1.0)
    redis (3.3.3)
    trollop (2.1.2)

PLATFORMS
  ruby

DEPENDENCIES
  aws-sdk
  dotenv
  nokogiri
  redis
  trollop

BUNDLED WITH
   1.13.6
